GEM
  remote: https://rubygems.org/
  specs:
    concurrent-ruby (1.3.4)
    dotenv (3.1.4)
    et-orbi (1.2.11)
      tzinfo
    event_stream_parser (1.0.0)
    faraday (2.12.1)
      faraday-net_http (>= 2.0, < 3.5)
      json
      logger
    faraday-multipart (1.0.4)
      multipart-post (~> 2)
    faraday-net_http (3.4.0)
      net-http (>= 0.5.0)
    fugit (1.11.1)
      et-orbi (~> 1, >= 1.2.11)
      raabro (~> 1.4)
    json (2.9.0)
    logger (1.6.2)
    multipart-post (2.4.1)
    net-http (0.6.0)
      uri
    raabro (1.4.0)
    ruby-openai (7.3.1)
      event_stream_parser (>= 0.3.0, < 2.0.0)
      faraday (>= 1)
      faraday-multipart (>= 1)
    rufus-scheduler (3.9.2)
      fugit (~> 1.1, >= 1.11.1)
    tzinfo (2.0.6)
      concurrent-ruby (~> 1.0)
    uri (1.0.2)
    x (0.14.1)

PLATFORMS
  ruby
  x86_64-linux

DEPENDENCIES
  dotenv
  ruby-openai
  rufus-scheduler
  x

RUBY VERSION
   ruby 3.3.5p100

BUNDLED WITH
   2.5.21
